GEM
  remote: https://rubygems.org/
  specs:
    RedCloth (4.2.9)
    chunky_png (1.2.8)
    classifier (1.3.3)
      fast-stemmer (>= 1.0.0)
    colorator (0.1)
    commander (4.1.5)
      highline (~> 1.6.11)
    compass (0.12.2)
      chunky_png (~> 1.2)
      fssm (>= 0.2.7)
      sass (~> 3.1)
    directory_watcher (1.4.1)
    fast-stemmer (1.0.2)
    fssm (0.2.10)
    haml (4.0.3)
      tilt
    highline (1.6.19)
    jekyll (1.2.1)
      classifier (~> 1.3)
      colorator (~> 0.1)
      commander (~> 4.1.3)
      directory_watcher (~> 1.4.1)
      liquid (~> 2.5.2)
      maruku (~> 0.5)
      pygments.rb (~> 0.5.0)
      redcarpet (~> 2.3.0)
      safe_yaml (~> 0.7.0)
    liquid (2.5.2)
    maruku (0.7.0)
    posix-spawn (0.3.6)
    pygments.rb (0.5.2)
      posix-spawn (~> 0.3.6)
      yajl-ruby (~> 1.1.0)
    rack (1.5.2)
    rack-protection (1.5.0)
      rack
    rake (10.1.0)
    rb-fsevent (0.9.3)
    rdiscount (2.1.6)
    redcarpet (2.3.0)
    rubypants (0.2.0)
    safe_yaml (0.7.1)
    sass (3.2.12)
    sass-globbing (1.1.0)
      sass (>= 3.1)
    sinatra (1.4.3)
      rack (~> 1.4)
      rack-protection (~> 1.4)
      tilt (~> 1.3, >= 1.3.4)
    stringex (2.1.0)
    tilt (1.4.1)
    yajl-ruby (1.1.0)

PLATFORMS
  ruby

DEPENDENCIES
  RedCloth (~> 4.2.9)
  compass (~> 0.12.2)
  directory_watcher (= 1.4.1)
  haml (~> 4.0.3)
  jekyll (~> 1.2.1)
  liquid (~> 2.5.2)
  pygments.rb (~> 0.5.2)
  rake (~> 10.1.0)
  rb-fsevent (~> 0.9)
  rdiscount (~> 2.1.6)
  rubypants (~> 0.2.0)
  sass (~> 3.2)
  sass-globbing (~> 1.1.0)
  sinatra (~> 1.4.2)
  stringex (~> 2.1.0)
